PATH
  remote: .
  specs:
    omniauth-workxp (0.0.1)

GEM
  remote: https://rubygems.org/
  specs:

PLATFORMS
  ruby

DEPENDENCIES
  omniauth-workxp!
